PATH
  remote: .
  specs:
    bquorning-test-gem (0.7.2)

GEM
  remote: https://rubygems.org/
  specs:
    rake (13.1.0)

PLATFORMS
  arm64-darwin-22
  ruby

DEPENDENCIES
  bquorning-test-gem!
  rake

BUNDLED WITH
   2.5.5
